PATH
  remote: .
  specs:
    parqueteur (1.11.0)
      red-parquet (~> 11.0)

GEM
  remote: https://rubygems.org/
  specs:
    bigdecimal (3.1.4)
    extpp (0.1.1)
    fiddle (1.1.1)
    gio2 (4.1.2)
      fiddle
      gobject-introspection (= 4.1.2)
    glib2 (4.1.2)
      native-package-installer (>= 1.0.3)
      pkg-config (>= 1.3.5)
    gobject-introspection (4.1.2)
      glib2 (= 4.1.2)
    native-package-installer (1.1.5)
    pkg-config (1.5.1)
    rake (13.0.6)
    red-arrow (11.0.0)
      bigdecimal (>= 3.1.0)
      extpp (>= 0.1.1)
      gio2 (>= 3.5.0)
      native-package-installer
      pkg-config
    red-parquet (11.0.0)
      red-arrow (= 11.0.0)

PLATFORMS
  ruby

DEPENDENCIES
  parqueteur!
  rake (~> 13.0)

BUNDLED WITH
   2.2.3
